PATH
  remote: .
  specs:
    mockarron (0.1.1)
      json (= 2.3.1)
      sinatra (= 2.2.0)
      thor
      yaml (= 0.1.0)

GEM
  remote: https://rubygems.org/
  specs:
    ast (2.4.1)
    backports (3.18.1)
    binding_of_caller (0.8.0)
      debug_inspector (>= 0.0.1)
    byebug (11.1.3)
    coderay (1.1.3)
    debug_inspector (0.0.3)
    deep-cover (1.0.0)
      deep-cover-core (= 1.0.0)
      highline
      thor (>= 0.20.3)
      with_progress
    deep-cover-core (1.0.0)
      backports (>= 3.11.0)
      binding_of_caller
      parser (>= 2.5)
      pry
      term-ansicolor
      terminal-table
    diff-lcs (1.4.4)
    highline (2.0.3)
    json (2.3.1)
    method_source (1.0.0)
    mustermann (1.1.1)
      ruby2_keywords (~> 0.0.1)
    parser (2.7.1.4)
      ast (~> 2.4.1)
    pry (0.13.1)
      coderay (~> 1.1)
      method_source (~> 1.0)
    pry-byebug (3.9.0)
      byebug (~> 11.0)
      pry (~> 0.13.0)
    rack (2.2.3)
    rack-protection (2.2.0)
      rack
    rack-test (1.1.0)
      rack (>= 1.0, < 3)
    rake (13.0.1)
    rspec (3.9.0)
      rspec-core (~> 3.9.0)
      rspec-expectations (~> 3.9.0)
      rspec-mocks (~> 3.9.0)
    rspec-core (3.9.2)
      rspec-support (~> 3.9.3)
    rspec-expectations (3.9.2)
      diff-lcs (>= 1.2.0, < 2.0)
      rspec-support (~> 3.9.0)
    rspec-mocks (3.9.1)
      diff-lcs (>= 1.2.0, < 2.0)
      rspec-support (~> 3.9.0)
    rspec-support (3.9.3)
    ruby-progressbar (1.10.1)
    ruby2_keywords (0.0.5)
    sinatra (2.2.0)
      mustermann (~> 1.0)
      rack (~> 2.2)
      rack-protection (= 2.2.0)
      tilt (~> 2.0)
    sync (0.5.0)
    term-ansicolor (1.7.1)
      tins (~> 1.0)
    terminal-table (1.8.0)
      unicode-display_width (~> 1.1, >= 1.1.1)
    thor (1.0.1)
    tilt (2.0.10)
    tins (1.25.0)
      sync
    unicode-display_width (1.7.0)
    with_progress (1.0.1)
      ruby-progressbar (~> 1.4)
    yaml (0.1.0)
    yard (0.9.25)

PLATFORMS
  ruby

DEPENDENCIES
  bundler (~> 1.17)
  deep-cover (~> 1.0.0)
  mockarron!
  pry-byebug (= 3.9.0)
  rack-test
  rake (>= 12.3.3)
  rspec (~> 3.0)
  yard

BUNDLED WITH
   1.17.2
